GEM
  remote: https://rubygems.org/
  specs:
    liquid (2.4.1)
    thor (0.15.4)

PLATFORMS
  ruby

DEPENDENCIES
  liquid
  thor
